GEM
  remote: https://rubygems.org/
  specs:
    activesupport (7.0.4)
      concurrent-ruby (~> 1.0, >= 1.0.2)
      i18n (>= 1.6, < 2)
      minitest (>= 5.1)
      tzinfo (~> 2.0)
    addressable (2.8.7)
      public_suffix (>= 2.0.2, < 7.0)
    array_include_methods (1.5.1)
    awesome_print (1.9.2)
    base64 (0.2.0)
    bigdecimal (3.1.9)
    builder (3.3.0)
    chunky_png (1.4.0)
    color (1.8)
    concurrent-ruby (1.1.10)
    date (3.4.1)
    descendants_tracker (0.0.4)
      thread_safe (~> 0.3, >= 0.3.1)
    docile (1.4.0)
    equalizer (0.0.11)
    facets (3.1.0)
    faraday (1.10.4)
      faraday-em_http (~> 1.0)
      faraday-em_synchrony (~> 1.0)
      faraday-excon (~> 1.1)
      faraday-httpclient (~> 1.0)
      faraday-multipart (~> 1.0)
      faraday-net_http (~> 1.0)
      faraday-net_http_persistent (~> 1.0)
      faraday-patron (~> 1.0)
      faraday-rack (~> 1.0)
      faraday-retry (~> 1.0)
      ruby2_keywords (>= 0.0.4)
    faraday-em_http (1.0.0)
    faraday-em_synchrony (1.0.0)
    faraday-excon (1.1.0)
    faraday-httpclient (1.0.1)
    faraday-multipart (1.1.0)
      multipart-post (~> 2.0)
    faraday-net_http (1.0.2)
    faraday-net_http_persistent (1.2.0)
    faraday-patron (1.0.0)
    faraday-rack (1.0.0)
    faraday-retry (1.0.3)
    git (3.0.0)
      activesupport (>= 5.0)
      addressable (~> 2.8)
      process_executer (~> 1.3)
      rchardet (~> 1.9)
    github_api (0.19.0)
      addressable (~> 2.4)
      descendants_tracker (~> 0.0.4)
      faraday (>= 0.8, < 2)
      hashie (~> 3.5, >= 3.5.2)
      oauth2 (~> 1.0)
    glimmer (2.8.1)
      array_include_methods (>= 1.4.0, < 1.6.0)
      facets (>= 3.1.0, < 4.0.0)
    glimmer-dsl-libui (0.12.8)
      chunky_png (~> 1.4.0)
      color (~> 1.8)
      equalizer (= 0.0.11)
      glimmer (~> 2.8.0)
      libui (= 0.1.2)
      os (>= 1.0.0, < 2.0.0)
      perfect-shape (~> 1.0.8)
      puts_debuggerer (>= 1.0.1, < 2.0.0)
      rake (>= 10.1.0, < 14.0.0)
      rake-tui (>= 0.2.3, < 2.0.0)
      rouge (>= 3.26.0, < 4.0.0)
      super_module (~> 1.4.1)
      text-table (>= 1.2.4, < 2.0.0)
    hashie (3.6.0)
    highline (3.1.2)
      reline
    i18n (1.12.0)
      concurrent-ruby (~> 1.0)
    io-console (0.8.0)
    json (1.8.6)
    juwelier (2.4.9)
      builder
      bundler
      git
      github_api
      highline
      kamelcase (~> 0)
      nokogiri
      psych
      rake
      rdoc
      semver2
    jwt (2.10.1)
      base64
    kamelcase (0.0.2)
      semver2 (~> 3)
    libui (0.1.2-arm64-darwin)
    matrix (0.4.2)
    method_source (1.1.0)
    minitest (5.16.3)
    multi_json (1.15.0)
    multi_xml (0.7.1)
      bigdecimal (~> 3.1)
    multipart-post (2.4.1)
    nokogiri (1.18.7-arm64-darwin)
      racc (~> 1.4)
    oauth2 (1.4.11)
      faraday (>= 0.17.3, < 3.0)
      jwt (>= 1.0, < 3.0)
      multi_json (~> 1.3)
      multi_xml (~> 0.5)
      rack (>= 1.2, < 4)
    os (1.1.4)
    pastel (0.8.0)
      tty-color (~> 0.5)
    perfect-shape (1.0.8)
      equalizer (>= 0.0.11, < 1.1.0)
      matrix (>= 0.4.2, < 1.1.0)
    process_executer (1.3.0)
    psych (5.2.3)
      date
      stringio
    public_suffix (6.0.1)
    puts_debuggerer (1.0.1)
      awesome_print (~> 1.9.2)
    racc (1.8.1)
    rack (3.1.12)
    rake (13.2.1)
    rake-tui (0.2.3)
      tty-prompt
    rchardet (1.9.0)
    rdoc (3.12.2)
      json (~> 1.4)
    reline (0.6.1)
      io-console (~> 0.5)
    rouge (3.30.0)
    ruby2_keywords (0.0.5)
    semver2 (3.4.2)
    shoulda (4.0.0)
      shoulda-context (~> 2.0)
      shoulda-matchers (~> 4.0)
    shoulda-context (2.0.0)
    shoulda-matchers (4.5.1)
      activesupport (>= 4.2.0)
    simplecov (0.21.2)
      docile (~> 1.1)
      simplecov-html (~> 0.11)
      simplecov_json_formatter (~> 0.1)
    simplecov-html (0.12.3)
    simplecov_json_formatter (0.1.4)
    stringio (3.1.6)
    super_module (1.4.2)
      method_source (>= 0.8.2, < 2.0.0)
    text-table (1.2.4)
    thread_safe (0.3.6)
    tty-color (0.6.0)
    tty-cursor (0.7.1)
    tty-prompt (0.23.1)
      pastel (~> 0.8)
      tty-reader (~> 0.8)
    tty-reader (0.9.0)
      tty-cursor (~> 0.7)
      tty-screen (~> 0.8)
      wisper (~> 2.0)
    tty-screen (0.8.2)
    tzinfo (2.0.5)
      concurrent-ruby (~> 1.0)
    wisper (2.0.1)

PLATFORMS
  arm64-darwin-21
  arm64-darwin-24

DEPENDENCIES
  glimmer-dsl-libui (~> 0.12.8)
  juwelier (~> 2.4.9)
  puts_debuggerer
  rake-tui
  rdoc (~> 3.12)
  shoulda
  simplecov

BUNDLED WITH
   2.3.3
